GEM
  remote: https://rubygems.org/
  specs:
    byebug (9.0.6)
    coderay (1.1.1)
    json (1.8.6)
    method_source (0.8.2)
    pry (0.10.4)
      coderay (~> 1.1.0)
      method_source (~> 0.8.1)
      slop (~> 3.4)
    rack (2.0.1)
    slop (3.6.0)
    stockfish (0.3.1)

PLATFORMS
  ruby

DEPENDENCIES
  byebug
  json
  pry
  rack
  stockfish

RUBY VERSION
   ruby 2.3.3p222

BUNDLED WITH
   1.15.1
